PATH
  remote: .
  specs:
    minitest-matchers (1.3.0)
      minitest (~> 4.7)

GEM
  remote: https://rubygems.org/
  specs:
    minitest (4.7.5)
    rake (10.1.0)

PLATFORMS
  ruby

DEPENDENCIES
  minitest-matchers!
  rake
